PATH
  remote: .
  specs:
    spandx (0.13.2)
      addressable (~> 2.7)
      bundler (>= 1.16, < 3.0.0)
      net-hippie (~> 0.3)
      nokogiri (~> 1.10)
      parslet (~> 2.0)
      thor
      tty-progressbar (~> 0.17)
      zeitwerk (~> 2.3)

GEM
  remote: https://rubygems.org/
  specs:
    addressable (2.7.0)
      public_suffix (>= 2.0.2, < 5.0)
    ast (2.4.0)
    benchmark-ips (2.8.2)
    benchmark-malloc (0.2.0)
    benchmark-perf (0.6.0)
    benchmark-trend (0.4.0)
    bundler-audit (0.6.1)
      bundler (>= 1.2.0, < 3)
      thor (~> 0.18)
    byebug (11.1.3)
    crack (0.4.3)
      safe_yaml (~> 1.0.0)
    diff-lcs (1.3)
    dotenv (2.7.5)
    faraday (1.0.1)
      multipart-post (>= 1.2, < 3)
    hashdiff (1.0.1)
    licensed (2.10.0)
      bundler (>= 1.10)
      licensee (>= 9.14.0, < 10.0.0)
      parallel (>= 0.18.0)
      pathname-common_prefix (~> 0.0.1)
      reverse_markdown (~> 1.0)
      ruby-xxHash (~> 0.4)
      thor (>= 0.19)
      tomlrb (~> 1.2)
    licensee (9.14.0)
      dotenv (~> 2.0)
      octokit (~> 4.17)
      reverse_markdown (~> 1.0)
      rugged (~> 0.24)
      thor (>= 0.19, < 2.0)
    mini_portile2 (2.4.0)
    multipart-post (2.1.1)
    net-hippie (0.3.2)
    nokogiri (1.10.9)
      mini_portile2 (~> 2.4.0)
    octokit (4.18.0)
      faraday (>= 0.9)
      sawyer (~> 0.8.0, >= 0.5.3)
    parallel (1.19.1)
    parser (2.7.1.2)
      ast (~> 2.4.0)
    parslet (2.0.0)
    pathname-common_prefix (0.0.1)
    public_suffix (4.0.5)
    rainbow (3.0.0)
    rake (13.0.1)
    rake-compiler (1.1.0)
      rake
    reverse_markdown (1.4.0)
      nokogiri
    rexml (3.2.4)
    rspec (3.9.0)
      rspec-core (~> 3.9.0)
      rspec-expectations (~> 3.9.0)
      rspec-mocks (~> 3.9.0)
    rspec-benchmark (0.6.0)
      benchmark-malloc (~> 0.2)
      benchmark-perf (~> 0.6)
      benchmark-trend (~> 0.4)
      rspec (>= 3.0)
    rspec-core (3.9.2)
      rspec-support (~> 3.9.3)
    rspec-expectations (3.9.2)
      diff-lcs (>= 1.2.0, < 2.0)
      rspec-support (~> 3.9.0)
    rspec-mocks (3.9.1)
      diff-lcs (>= 1.2.0, < 2.0)
      rspec-support (~> 3.9.0)
    rspec-support (3.9.3)
    rubocop (0.83.0)
      parallel (~> 1.10)
      parser (>= 2.7.0.1)
      rainbow (>= 2.2.2, < 4.0)
      rexml
      ruby-progressbar (~> 1.7)
      unicode-display_width (>= 1.4.0, < 2.0)
    rubocop-rspec (1.39.0)
      rubocop (>= 0.68.1)
    ruby-prof (1.4.1)
    ruby-progressbar (1.10.1)
    ruby-xxHash (0.4.0.1)
    rugged (0.99.0)
    safe_yaml (1.0.5)
    sawyer (0.8.2)
      addressable (>= 2.3.5)
      faraday (> 0.8, < 2.0)
    strings-ansi (0.1.0)
    thor (0.20.3)
    tomlrb (1.3.0)
    tty-cursor (0.7.1)
    tty-progressbar (0.17.0)
      strings-ansi (~> 0.1.0)
      tty-cursor (~> 0.7)
      tty-screen (~> 0.7)
      unicode-display_width (~> 1.6)
    tty-screen (0.7.1)
    unicode-display_width (1.7.0)
    vcr (5.1.0)
    webmock (3.8.3)
      addressable (>= 2.3.6)
      crack (>= 0.3.2)
      hashdiff (>= 0.4.0, < 2.0.0)
    zeitwerk (2.3.0)

PLATFORMS
  ruby

DEPENDENCIES
  benchmark-ips (~> 2.8)
  bundler-audit (~> 0.6)
  byebug (~> 11.1)
  licensed (~> 2.8)
  rake (~> 13.0)
  rake-compiler (~> 1.1)
  rspec (~> 3.0)
  rspec-benchmark (~> 0.5)
  rubocop (~> 0.52)
  rubocop-rspec (~> 1.22)
  ruby-prof (~> 1.3)
  spandx!
  vcr (~> 5.0)
  webmock (~> 3.7)

BUNDLED WITH
   2.1.4
