PATH
  remote: .
  specs:
    spandx (0.12.1)
      addressable (~> 2.7)
      bundler (>= 1.16, < 3.0.0)
      net-hippie (~> 0.3)
      nokogiri (~> 1.10)
      thor
      zeitwerk (~> 2.3)

GEM
  remote: https://rubygems.org/
  specs:
    addressable (2.7.0)
      public_suffix (>= 2.0.2, < 5.0)
    ast (2.4.0)
    benchmark-malloc (0.1.0)
    benchmark-perf (0.5.0)
    benchmark-trend (0.3.0)
    bundler-audit (0.6.1)
      bundler (>= 1.2.0, < 3)
      thor (~> 0.18)
    byebug (11.1.1)
    crack (0.4.3)
      safe_yaml (~> 1.0.0)
    diff-lcs (1.3)
    dotenv (2.7.5)
    faraday (1.0.0)
      multipart-post (>= 1.2, < 3)
    hashdiff (1.0.1)
    jaro_winkler (1.5.4)
    licensed (2.8.0)
      bundler (>= 1.10)
      licensee (~> 9.10)
      parallel (>= 0.18.0)
      pathname-common_prefix (~> 0.0.1)
      ruby-xxHash (~> 0.4)
      thor (~> 0.19)
      tomlrb (~> 1.2)
    licensee (9.13.0)
      dotenv (~> 2.0)
      octokit (~> 4.8)
      reverse_markdown (~> 1.0)
      rugged (~> 0.24)
      thor (~> 0.19)
    mini_portile2 (2.4.0)
    multipart-post (2.1.1)
    net-hippie (0.3.2)
    nokogiri (1.10.9)
      mini_portile2 (~> 2.4.0)
    octokit (4.16.0)
      faraday (>= 0.9)
      sawyer (~> 0.8.0, >= 0.5.3)
    parallel (1.19.1)
    parallel_tests (2.32.0)
      parallel
    parser (2.7.1.0)
      ast (~> 2.4.0)
    pathname-common_prefix (0.0.1)
    public_suffix (4.0.3)
    rainbow (3.0.0)
    rake (13.0.1)
    reverse_markdown (1.4.0)
      nokogiri
    rexml (3.2.4)
    rspec (3.9.0)
      rspec-core (~> 3.9.0)
      rspec-expectations (~> 3.9.0)
      rspec-mocks (~> 3.9.0)
    rspec-benchmark (0.5.1)
      benchmark-malloc (~> 0.1.0)
      benchmark-perf (~> 0.5.0)
      benchmark-trend (~> 0.3.0)
      rspec (>= 3.0.0, < 4.0.0)
    rspec-core (3.9.1)
      rspec-support (~> 3.9.1)
    rspec-expectations (3.9.0)
      diff-lcs (>= 1.2.0, < 2.0)
      rspec-support (~> 3.9.0)
    rspec-mocks (3.9.1)
      diff-lcs (>= 1.2.0, < 2.0)
      rspec-support (~> 3.9.0)
    rspec-support (3.9.2)
    rubocop (0.81.0)
      jaro_winkler (~> 1.5.1)
      parallel (~> 1.10)
      parser (>= 2.7.0.1)
      rainbow (>= 2.2.2, < 4.0)
      rexml
      ruby-progressbar (~> 1.7)
      unicode-display_width (>= 1.4.0, < 2.0)
    rubocop-rspec (1.38.1)
      rubocop (>= 0.68.1)
    ruby-progressbar (1.10.1)
    ruby-xxHash (0.4.0.1)
    rugged (0.28.4.1)
    safe_yaml (1.0.5)
    sawyer (0.8.2)
      addressable (>= 2.3.5)
      faraday (> 0.8, < 2.0)
    text (1.3.1)
    thor (0.20.3)
    tomlrb (1.2.9)
    unicode-display_width (1.7.0)
    vcr (5.1.0)
    webmock (3.8.2)
      addressable (>= 2.3.6)
      crack (>= 0.3.2)
      hashdiff (>= 0.4.0, < 2.0.0)
    zeitwerk (2.3.0)

PLATFORMS
  ruby

DEPENDENCIES
  bundler-audit (~> 0.6)
  byebug (~> 11.1)
  jaro_winkler (~> 1.5)
  licensed (~> 2.8)
  parallel_tests (~> 2.32)
  rake (~> 13.0)
  rspec (~> 3.0)
  rspec-benchmark (~> 0.5)
  rubocop (~> 0.52)
  rubocop-rspec (~> 1.22)
  spandx!
  text (~> 1.3)
  vcr (~> 5.0)
  webmock (~> 3.7)

BUNDLED WITH
   2.1.4
